GEM
  remote: https://rubygems.org/
  specs:
    amazon-ec2 (0.9.17)
      xml-simple (>= 1.0.12)
    chunky_png (1.3.4)
    compass (1.0.3)
      chunky_png (~> 1.2)
      compass-core (~> 1.0.2)
      compass-import-once (~> 1.0.5)
      rb-fsevent (>= 0.9.3)
      rb-inotify (>= 0.9)
      sass (>= 3.3.13, < 3.5)
    compass-core (1.0.3)
      multi_json (~> 1.0)
      sass (>= 3.3.0, < 3.5)
    compass-import-once (1.0.5)
      sass (>= 3.2, < 3.5)
    ffi (1.9.10)
    hugo (0.4.1)
      amazon-ec2
      amazon-ec2 (>= 0.7.5)
      json
      json (>= 1.2.0)
      net-ssh
      net-ssh (>= 2.0.16)
    json (1.8.3)
    multi_json (1.11.2)
    net-ssh (2.9.2)
    rb-fsevent (0.9.5)
    rb-inotify (0.9.5)
      ffi (>= 0.5.0)
    sass (3.4.15)
    xml-simple (1.1.5)

PLATFORMS
  ruby

DEPENDENCIES
  compass
  hugo

BUNDLED WITH
   1.10.5
